PATH
  remote: .
  specs:
    rumblinthebronx-system-getifaddrs (0.2.1-java)
      netaddr (~> 1.5.0)

GEM
  remote: http://rubygems.org/
  specs:
    netaddr (1.5.0)
    rake (10.0.4)
    rake-compiler (0.8.3)
      rake
    rspec (1.3.2)

PLATFORMS
  java

DEPENDENCIES
  rake
  rake-compiler
  rspec (~> 1.3)
  rumblinthebronx-system-getifaddrs!
